PATH
  remote: .
  specs:
    fast_config (0.0.5)

GEM
  remote: https://rubygems.org/
  specs:
    minitest (3.5.0)

PLATFORMS
  ruby

DEPENDENCIES
  fast_config!
  minitest (~> 3.0)

BUNDLED WITH
   2.3.25
