PATH
  remote: .
  specs:
    simple_config (0.0.1)

GEM
  remote: https://rubygems.org/
  specs:
    minitest (3.5.0)

PLATFORMS
  ruby

DEPENDENCIES
  minitest (~> 3.0)
  simple_config!
